PATH
  remote: .
  specs:
    lock_jar (0.11.0)
      naether (~> 0.14.0)
      thor (>= 0.18.1)

GEM
  remote: https://rubygems.org/
  specs:
    celluloid (0.15.2)
      timers (~> 1.1.0)
    coderay (1.1.0)
    diff-lcs (1.2.5)
    ffi (1.9.3)
    ffi (1.9.3-java)
    formatador (0.2.5)
    guard (2.6.1)
      formatador (>= 0.2.4)
      listen (~> 2.7)
      lumberjack (~> 1.0)
      pry (>= 0.9.12)
      thor (>= 0.18.1)
    guard-rspec (4.2.10)
      guard (~> 2.1)
      rspec (>= 2.14, < 4.0)
    httpclient (2.6.0.1)
    jruby-openssl (0.9.5-java)
    listen (2.7.9)
      celluloid (>= 0.15.2)
      rb-fsevent (>= 0.9.3)
      rb-inotify (>= 0.9)
    lumberjack (1.0.7)
    method_source (0.8.2)
    naether (0.14.0)
      httpclient
      rjb (~> 1.4.0)
    naether (0.14.0-java)
      httpclient
    pry (0.10.0)
      coderay (~> 1.1.0)
      method_source (~> 0.8.1)
      slop (~> 3.4)
    pry (0.10.0-java)
      coderay (~> 1.1.0)
      method_source (~> 0.8.1)
      slop (~> 3.4)
      spoon (~> 0.0)
    rb-fsevent (0.9.4)
    rb-inotify (0.9.5)
      ffi (>= 0.5.0)
    rjb (1.4.9)
    rspec (2.14.1)
      rspec-core (~> 2.14.0)
      rspec-expectations (~> 2.14.0)
      rspec-mocks (~> 2.14.0)
    rspec-core (2.14.8)
    rspec-expectations (2.14.5)
      diff-lcs (>= 1.1.3, < 2.0)
    rspec-mocks (2.14.6)
    slop (3.5.0)
    spoon (0.0.4)
      ffi
    thor (0.19.1)
    timers (1.1.0)
    yard (0.8.7.4)

PLATFORMS
  java
  ruby

DEPENDENCIES
  guard-rspec
  jruby-openssl
  lock_jar!
  pry
  rspec (~> 2.14.1)
  yard
